GIT
  remote: git://github.com/mongoid/mongoid.git
  revision: a71b4d43caf80664deedc93e5600f97acb7a908f
  specs:
    mongoid (2.0.2)
      activemodel (~> 3.0)
      mongo (~> 1.3)
      tzinfo (~> 0.3.22)

GEM
  remote: http://rubygems.org/
  specs:
    ZenTest (4.5.0)
    activemodel (3.0.5)
      activesupport (= 3.0.5)
      builder (~> 2.1.2)
      i18n (~> 0.4)
    activesupport (3.0.5)
    archive-tar-minitar (0.5.2)
    autotest (4.4.6)
      ZenTest (>= 4.4.1)
    awesome_print (0.4.0)
    bson (1.3.1)
    bson_ext (1.3.1)
    builder (2.1.2)
    columnize (0.3.3)
    diff-lcs (1.1.2)
    fabrication (0.9.5)
    i18n (0.6.0)
    linecache19 (0.5.12)
      ruby_core_source (>= 0.1.4)
    mail (2.3.0)
      i18n (>= 0.4.0)
      mime-types (~> 1.16)
      treetop (~> 1.4.8)
    mime-types (1.16)
    mongo (1.3.1)
      bson (>= 1.3.1)
    polyglot (0.3.1)
    rspec (2.6.0)
      rspec-core (~> 2.6.0)
      rspec-expectations (~> 2.6.0)
      rspec-mocks (~> 2.6.0)
    rspec-core (2.6.4)
    rspec-expectations (2.6.0)
      diff-lcs (~> 1.1.2)
    rspec-mocks (2.6.0)
    ruby-debug-base19 (0.11.25)
      columnize (>= 0.3.1)
      linecache19 (>= 0.5.11)
      ruby_core_source (>= 0.1.4)
    ruby-debug19 (0.11.6)
      columnize (>= 0.3.1)
      linecache19 (>= 0.5.11)
      ruby-debug-base19 (>= 0.11.19)
    ruby_core_source (0.1.5)
      archive-tar-minitar (>= 0.5.2)
    simplecov (0.4.2)
      simplecov-html (~> 0.4.4)
    simplecov-html (0.4.5)
    treetop (1.4.9)
      polyglot (>= 0.3.1)
    tzinfo (0.3.27)

PLATFORMS
  ruby

DEPENDENCIES
  autotest
  awesome_print
  bson_ext
  fabrication
  mail
  mongoid!
  rspec
  ruby-debug19
  simplecov
